GEM
  remote: https://rubygems.org/
  specs:
    coderay (1.1.3)
    front_matter_parser (1.0.1)
    rake (13.0.6)
    redcarpet (3.5.1)

PLATFORMS
  ruby

DEPENDENCIES
  coderay
  front_matter_parser
  rake (>= 12.3.3)
  redcarpet (>= 3.5.1)

BUNDLED WITH
   2.1.4
